PATH
  remote: .
  specs:
    poolparty (1.6.9)
      amazon-ec2 (~> 0.9.9)

GEM
  remote: http://rubygems.org/
  specs:
    amazon-ec2 (0.9.9)
      xml-simple (>= 1.0.12)
    fakeweb (1.3.0)
    mocha (0.9.10)
      rake
    rake (0.8.7)
    shoulda (2.11.3)
    xml-simple (1.0.12)

PLATFORMS
  ruby

DEPENDENCIES
  amazon-ec2 (~> 0.9.9)
  fakeweb (~> 1.3.0)
  mocha (~> 0.9.10)
  poolparty!
  shoulda (~> 2.11.2)
